GEM
  remote: https://rubygems.org/
  specs:
    activemodel (7.0.4.1)
      activesupport (= 7.0.4.1)
    activerecord (7.0.4.1)
      activemodel (= 7.0.4.1)
      activesupport (= 7.0.4.1)
    activesupport (7.0.4.1)
      concurrent-ruby (~> 1.0, >= 1.0.2)
      i18n (>= 1.6, < 2)
      minitest (>= 5.1)
      tzinfo (~> 2.0)
    bcrypt (3.1.10)
    coderay (1.1.0)
    concurrent-ruby (1.1.10)
    dotenv (2.0.2)
    i18n (1.12.0)
      concurrent-ruby (~> 1.0)
    json (1.8.3)
    method_source (0.8.2)
    mini_portile2 (2.4.0)
    minitest (5.17.0)
    mysql2 (0.4.2)
    nokogiri (1.10.4)
      mini_portile2 (~> 2.4.0)
    pg (0.18.4)
    pry (0.10.3)
      coderay (~> 1.1.0)
      method_source (~> 0.8.1)
      slop (~> 3.4)
    rack (1.6.11)
    rack-protection (1.5.5)
      rack
    rake (10.4.2)
    sinatra (1.4.6)
      rack (~> 1.4)
      rack-protection (~> 1.4)
      tilt (>= 1.3, < 3)
    sinatra-activerecord (2.0.9)
      activerecord (>= 3.2)
      sinatra (~> 1.0)
    slop (3.6.0)
    tilt (2.0.1)
    tzinfo (2.0.5)
      concurrent-ruby (~> 1.0)

PLATFORMS
  ruby

DEPENDENCIES
  activerecord
  activesupport
  bcrypt
  dotenv
  json
  mysql2
  nokogiri
  pg
  pry
  rake
  sinatra
  sinatra-activerecord

BUNDLED WITH
   1.10.6
